GEM
  remote: http://rubygems.org/
  specs:
    addressable (2.4.0)
    coffee-script (2.4.1)
      coffee-script-source
      execjs
    coffee-script-source (1.10.0)
    dimensions (1.3.0)
    execjs (2.6.0)
    fastimage (2.0.0)
      addressable (~> 2)
    rack (1.6.4)
    rack-protection (1.5.3)
      rack
    sass (3.4.22)
    sinatra (1.4.7)
      rack (~> 1.5)
      rack-protection (~> 1.4)
      tilt (>= 1.3, < 3)
    slim (3.0.6)
      temple (~> 0.7.3)
      tilt (>= 1.3.3, < 2.1)
    temple (0.7.6)
    tilt (1.4.1)

PLATFORMS
  ruby

DEPENDENCIES
  coffee-script
  dimensions
  fastimage
  sass
  sinatra
  slim
  tilt (~> 1.4.1)

BUNDLED WITH
   1.11.2
