GEM
  remote: http://rubygems.org/
  specs:
    addressable (2.3.6)
    coffee-script (2.3.0)
      coffee-script-source
      execjs
    coffee-script-source (1.7.1)
    dimensions (1.3.0)
    execjs (2.2.1)
    fastimage (1.6.3)
      addressable (~> 2.3, >= 2.3.5)
    libv8 (3.16.14.9)
    rack (1.5.2)
    rack-protection (1.5.3)
      rack
    ref (1.0.5)
    sass (3.4.15)
    sinatra (1.4.5)
      rack (~> 1.4)
      rack-protection (~> 1.4)
      tilt (~> 1.3, >= 1.3.4)
    slim (2.0.3)
      temple (~> 0.6.6)
      tilt (>= 1.3.3, < 2.1)
    temple (0.6.8)
    therubyracer (0.12.2)
      libv8 (~> 3.16.14.0)
      ref
    tilt (1.4.1)

PLATFORMS
  ruby

DEPENDENCIES
  coffee-script
  dimensions
  fastimage
  sass
  sinatra
  slim
  therubyracer
  tilt (~> 1.4.1)
